PATH
  remote: .
  specs:
    awesome-sauce (0.0.38535.1435860405)
      bundler (~> 1.10)
      gli (~> 2.13)
      highline (~> 1.7)
      jenkins_api_client (~> 1.3)
      log4r (~> 1.1)
      nuget (~> 2.8)
      redis (~> 3.2)
      rest-client (~> 1.8)
      retryable (~> 2.0)
      rubyzip (~> 1.1)
      zanzibar (~> 0.1)

GEM
  remote: https://rubygems.org/
  specs:
    akami (1.3.1)
      gyoku (>= 0.4.0)
      nokogiri
    builder (3.2.2)
    diff-lcs (1.2.5)
    domain_name (0.5.24)
      unf (>= 0.0.5, < 1.0.0)
    ffi (1.9.8-x86-mingw32)
    gli (2.13.1)
    gyoku (1.3.1)
      builder (>= 2.1.2)
    highline (1.7.2)
    http-cookie (1.0.2)
      domain_name (~> 0.5)
    httpi (2.4.1)
      rack
    jenkins_api_client (1.4.0)
      json
      mixlib-shellout (>= 1.1.0)
      nokogiri (~> 1.6.0)
      terminal-table (>= 1.4.0)
      thor (>= 0.16.0)
    json (1.8.3)
    log4r (1.1.10)
    macaddr (1.7.1)
      systemu (~> 2.6.2)
    mime-types (1.25.1)
    mini_portile (0.6.2)
    mixlib-shellout (2.1.0-universal-mingw32)
      win32-process (~> 0.7.5)
      windows-pr (~> 1.2.4)
    netrc (0.10.3)
    nokogiri (1.6.6.2-x86-mingw32)
      mini_portile (~> 0.6.0)
    nori (2.6.0)
    nuget (2.8.50126.400)
    rack (1.6.4)
    rake (10.4.2)
    redis (3.2.1)
    rest-client (1.8.0-x86-mingw32)
      ffi (~> 1.9)
      http-cookie (>= 1.0.2, < 2.0)
      mime-types (>= 1.16, < 3.0)
      netrc (~> 0.7)
    retryable (2.0.1)
    rspec (3.2.0)
      rspec-core (~> 3.2.0)
      rspec-expectations (~> 3.2.0)
      rspec-mocks (~> 3.2.0)
    rspec-core (3.2.3)
      rspec-support (~> 3.2.0)
    rspec-expectations (3.2.1)
      diff-lcs (>= 1.2.0, < 2.0)
      rspec-support (~> 3.2.0)
    rspec-mocks (3.2.1)
      diff-lcs (>= 1.2.0, < 2.0)
      rspec-support (~> 3.2.0)
    rspec-support (3.2.2)
    rubyntlm (0.4.0)
    rubyzip (1.1.7)
    savon (2.8.1)
      akami (~> 1.2)
      builder (>= 2.1.2)
      gyoku (~> 1.2)
      httpi (~> 2.3)
      nokogiri (>= 1.4.0)
      nori (~> 2.4)
      uuid (~> 2.3.7)
      wasabi (= 3.3.0)
    systemu (2.6.5)
    terminal-table (1.4.5)
    thor (0.19.1)
    unf (0.1.4)
      unf_ext
    unf_ext (0.0.7.1-x86-mingw32)
    uuid (2.3.8)
      macaddr (~> 1.0)
    wasabi (3.3.0)
      httpi (~> 2.0)
      mime-types (< 2.0.0)
      nokogiri (>= 1.4.0)
    win32-api (1.5.3-universal-mingw32)
    win32-process (0.7.5)
      ffi (>= 1.0.0)
    windows-api (0.4.4)
      win32-api (>= 1.4.5)
    windows-pr (1.2.4)
      win32-api (>= 1.4.5)
      windows-api (>= 0.4.0)
    zanzibar (0.1.19)
      rubyntlm (~> 0.4.0)
      savon (~> 2.8.0)
      thor (~> 0.19.0)

PLATFORMS
  ruby
  x86-mingw32

DEPENDENCIES
  awesome-sauce!
  rake (= 10.4.2)!
  rspec!

BUNDLED WITH
   1.10.5
